PATH
  remote: .
  specs:
    mini-lxc (0.4.0)

GEM
  remote: https://rubygems.org/
  specs:
    minitest (5.10.1)

PLATFORMS
  java
  ruby

DEPENDENCIES
  mini-lxc!
  minitest (~> 5.10.1)

BUNDLED WITH
   1.14.3
