PATH
  remote: .
  specs:
    mini-lxc (0.1.0)

GEM
  remote: https://rubygems.org/
  specs:
    minitest (5.9.0)
    rake (11.2.2)

PLATFORMS
  ruby

DEPENDENCIES
  mini-lxc!
  minitest (~> 5.9.0)
  rake (~> 11.2.2)

BUNDLED WITH
   1.12.5
