PATH
  remote: .
  specs:
    lxc-ruby (0.1.0)

GEM
  remote: https://rubygems.org/
  specs:
    minitest (5.9.0)
    rake (11.2.2)

PLATFORMS
  ruby

DEPENDENCIES
  lxc-ruby!
  minitest (~> 5.9.0)
  rake (~> 11.2.2)

BUNDLED WITH
   1.12.5
