PATH
  remote: .
  specs:
    mini-lxc (0.4.1)

GEM
  remote: https://rubygems.org/
  specs:
    minitest (5.10.1)
    rake (10.5.0)

PLATFORMS
  java
  ruby

DEPENDENCIES
  mini-lxc!
  minitest (~> 5.10.1)
  rake (= 10.5.0)

BUNDLED WITH
   1.14.3
