PATH
  remote: .
  specs:
    mini-lxc (0.3.1)

GEM
  remote: https://rubygems.org/
  specs:
    minitest (5.9.1)
    rake (11.2.2)

PLATFORMS
  java
  ruby

DEPENDENCIES
  mini-lxc!
  minitest (~> 5.9.0)
  rake (~> 11.2.2)

BUNDLED WITH
   1.13.6
